PATH
  remote: .
  specs:
    command_translate (0.0.1)
      colorize
      terminal-table

GEM
  remote: https://rubygems.org/
  specs:
    colorize (0.7.3)
    terminal-table (1.4.5)

PLATFORMS
  ruby

DEPENDENCIES
  command_translate!
